GEM
  remote: https://rubygems.org/
  specs:
    activesupport (4.1.5)
      i18n (~> 0.6, >= 0.6.9)
      json (~> 1.7, >= 1.7.7)
      minitest (~> 5.1)
      thread_safe (~> 0.1)
      tzinfo (~> 1.1)
    ansi (1.5.0)
    docile (1.1.5)
    elasticsearch (1.0.4)
      elasticsearch-api (= 1.0.4)
      elasticsearch-transport (= 1.0.4)
    elasticsearch-api (1.0.4)
      multi_json
    elasticsearch-extensions (0.0.22)
      ansi
      ruby-prof
    elasticsearch-transport (1.0.4)
      faraday
      multi_json
    faraday (0.9.0)
      multipart-post (>= 1.2, < 3)
    hashie (2.1.2)
    i18n (0.6.11)
    json (1.8.1)
    kgio (2.9.2)
    minitest (5.4.0)
    multi_json (1.10.1)
    multipart-post (2.0.0)
    nokogiri (1.5.11)
    patron (0.4.18)
    rack (1.5.2)
    rack-protection (1.5.3)
      rack
    rack-test (0.6.2)
      rack (>= 1.0)
    raindrops (0.13.0)
    rake (10.3.2)
    ruby-prof (0.16.2)
    shotgun (0.9)
      rack (>= 1.0)
    simplecov (0.9.0)
      docile (~> 1.1.0)
      multi_json
      simplecov-html (~> 0.8.0)
    simplecov-html (0.8.0)
    sinatra (1.4.5)
      rack (~> 1.4)
      rack-protection (~> 1.4)
      tilt (~> 1.3, >= 1.3.4)
    thread_safe (0.3.4)
    tilt (1.4.1)
    timecop (0.7.1)
    tzinfo (1.2.2)
      thread_safe (~> 0.1)
    unicorn (4.8.3)
      kgio (~> 2.6)
      rack
      raindrops (~> 0.7)
    webrat (0.7.3)
      nokogiri (>= 1.2.0)
      rack (>= 1.0)
      rack-test (>= 0.5.3)
    yajl-ruby (1.2.1)

PLATFORMS
  ruby

DEPENDENCIES
  activesupport
  elasticsearch
  elasticsearch-extensions
  hashie
  nokogiri (~> 1.5.10)
  patron
  rack-test
  rake
  shotgun
  simplecov
  sinatra
  timecop
  unicorn
  webrat
  yajl-ruby

BUNDLED WITH
   1.10.6
